GIT
  remote: git://github.com/soupcms/soupcms-api.git
  revision: 338fd58773743c6b67ce310e643ebd5e1c5e2ae9
  specs:
    soupcms-api (0.5.0)
      bson_ext
      mongo

GIT
  remote: git://github.com/soupcms/soupcms-cli.git
  revision: aa25b868dae4581bc4cd66a5f5786d23207eae3e
  specs:
    soupcms-cli (0.5.4)
      bson_ext (~> 1.10)
      cloudinary (~> 1.0)
      mongo (~> 1.10)
      thor (~> 0.19)

GIT
  remote: git://github.com/soupcms/soupcms-common.git
  revision: debe867c461b03150e8e6dd4ae338af56cf59c42
  specs:
    soupcms-common (0.5.0)

GIT
  remote: git://github.com/soupcms/soupcms-core.git
  revision: 834317b4afd5d1418e088173bb2275506e77c39c
  specs:
    soupcms-core (0.5.0)
      bootstrap-sass
      sass
      slim
      sprockets (= 3.0.0.beta.3)

GEM
  remote: https://rubygems.org/
  specs:
    aws_cf_signer (0.1.3)
    bootstrap-sass (3.3.0.1)
      sass (~> 3.2)
    bson (1.11.1)
    bson_ext (1.11.1)
      bson (~> 1.11.1)
    cloudinary (1.0.77)
      aws_cf_signer
      rest-client
    coderay (1.1.0)
    kramdown (1.5.0)
    mime-types (2.4.3)
    mini_portile (0.6.0)
    mongo (1.11.1)
      bson (= 1.11.1)
    netrc (0.8.0)
    nokogiri (1.6.3.1)
      mini_portile (= 0.6.0)
    puma (2.9.2)
      rack (>= 1.1, < 2.0)
    rack (1.5.2)
    rest-client (1.7.2)
      mime-types (>= 1.16, < 3.0)
      netrc (~> 0.7)
    sass (3.4.7)
    slim (2.1.0)
      temple (~> 0.6.9)
      tilt (>= 1.3.3, < 2.1)
    sprockets (3.0.0.beta.3)
      rack (~> 1.0)
    temple (0.6.10)
    thor (0.19.1)
    tilt (2.0.1)

PLATFORMS
  ruby

DEPENDENCIES
  bson_ext
  coderay
  kramdown
  mongo
  nokogiri
  puma
  soupcms-api!
  soupcms-cli!
  soupcms-common!
  soupcms-core!
