GIT
  remote: git://github.com/soupcms/soupcms-common.git
  revision: 19127cfc5eb23f0035666b7a48426aacfb7d7f4d
  specs:
    soupcms-common (0.5.0)

GIT
  remote: git://github.com/sstephenson/sprockets.git
  revision: 2a658ff971b44ee995bf3205a991005f8dbdca1d
  ref: 2a658ff971b44ee995bf3205a991005f8dbdca1d
  specs:
    sprockets (2.12.0)
      hike (~> 1.2)
      rack (~> 1.0)

PATH
  remote: ../soupcms/soupcms-api
  specs:
    soupcms-api (0.5.0)
      bson_ext
      mongo

PATH
  remote: ../soupcms/soupcms-cli
  specs:
    soupcms-cli (0.5.4)
      bson_ext (~> 1.10)
      cloudinary (~> 1.0)
      mongo (~> 1.10)
      thor (~> 0.19)

PATH
  remote: ../soupcms/soupcms-core
  specs:
    soupcms-core (0.5.0)
      bootstrap-sass
      sass
      slim
      sprockets-helpers

GEM
  remote: https://rubygems.org/
  specs:
    aws_cf_signer (0.1.3)
    bootstrap-sass (3.2.0.2)
      sass (~> 3.2)
    bson (1.10.2)
    bson_ext (1.10.2)
      bson (~> 1.10.2)
    cloudinary (1.0.76)
      aws_cf_signer
      rest-client
    coderay (1.1.0)
    hike (1.2.3)
    kramdown (1.4.1)
    mime-types (2.3)
    mini_portile (0.6.0)
    mongo (1.10.2)
      bson (= 1.10.2)
    netrc (0.7.7)
    nokogiri (1.6.3.1)
      mini_portile (= 0.6.0)
    puma (2.9.1)
      rack (>= 1.1, < 2.0)
    rack (1.5.2)
    rest-client (1.7.2)
      mime-types (>= 1.16, < 3.0)
      netrc (~> 0.7)
    sass (3.4.3)
    slim (2.0.3)
      temple (~> 0.6.6)
      tilt (>= 1.3.3, < 2.1)
    sprockets-helpers (1.1.0)
      sprockets (~> 2.0)
    temple (0.6.8)
    thor (0.19.1)
    tilt (2.0.1)

PLATFORMS
  ruby

DEPENDENCIES
  bson_ext
  coderay
  kramdown
  mongo
  nokogiri
  puma
  soupcms-api!
  soupcms-cli!
  soupcms-common!
  soupcms-core!
  sprockets!
