GIT
  remote: git://github.com/soupcms/soupcms-common.git
  revision: 152cdc6d6ffbf7b9f480ef0dc5952faa4e5cfa7d
  specs:
    soupcms-common (0.5.0)

GIT
  remote: git://github.com/sstephenson/sprockets.git
  revision: 2a658ff971b44ee995bf3205a991005f8dbdca1d
  specs:
    sprockets (2.12.0)
      hike (~> 1.2)
      rack (~> 1.0)

PATH
  remote: ../soupcms/soupcms-api
  specs:
    soupcms-api (0.5.0)
      bson_ext
      mongo

PATH
  remote: ../soupcms/soupcms-cli
  specs:
    soupcms-cli (0.5.0)
      bson_ext (~> 1.9)
      mongo (~> 1.9)
      thor (~> 0.18)

PATH
  remote: ../soupcms/soupcms-core
  specs:
    soupcms-core (0.5.0)
      sass
      slim
      sprockets-helpers

GEM
  remote: https://rubygems.org/
  specs:
    bson (1.9.2)
    bson_ext (1.9.2)
      bson (~> 1.9.2)
    coderay (1.1.0)
    dotenv (0.10.0)
    foreman (0.63.0)
      dotenv (>= 0.7)
      thor (>= 0.13.6)
    hike (1.2.3)
    kramdown (1.3.3)
    mini_portile (0.5.3)
    mongo (1.9.2)
      bson (~> 1.9.2)
    nokogiri (1.6.1)
      mini_portile (~> 0.5.0)
    puma (2.8.1)
      rack (>= 1.1, < 2.0)
    rack (1.5.2)
    sass (3.3.4)
    slim (2.0.2)
      temple (~> 0.6.6)
      tilt (>= 1.3.3, < 2.1)
    sprockets-helpers (1.1.0)
      sprockets (~> 2.0)
    temple (0.6.7)
    thor (0.19.1)
    tilt (2.0.1)

PLATFORMS
  ruby

DEPENDENCIES
  bson_ext
  coderay
  foreman
  kramdown
  mongo
  nokogiri
  puma
  soupcms-api!
  soupcms-cli!
  soupcms-common!
  soupcms-core!
  sprockets!
